GEM
  remote: https://rubygems.org/
  remote: http://gemcutter.org/
  specs:
    collectd (0.0.15)
    faraday (0.8.4)
      multipart-post (~> 1.1)
    json (1.7.3)
    multi_json (1.5.0)
    multipart-post (1.1.5)
    oauth (0.4.7)
    simple_oauth (0.2.0)
    system_timer (1.2.4)
    twitter (4.4.1)
      faraday (~> 0.8)
      multi_json (~> 1.3)
      simple_oauth (~> 0.2)

PLATFORMS
  ruby

DEPENDENCIES
  collectd
  json
  oauth
  system_timer
  twitter
